GIT
  remote: https://github.com/bugmark/bmx_api_ruby
  revision: b1eb97eed69d7af86871ebac0e56612e5eaa13e5
  specs:
    bmx_api_ruby (1.0.0)
      json (~> 2.1, >= 2.1.0)
      typhoeus (~> 1.0, >= 1.0.1)

GIT
  remote: https://github.com/bugmark/iora
  revision: b5670a9b8c6a86d969e42a36e170105c36dd1eba
  specs:
    iora (0.1.0)
      deep_merge
      octokit (~> 4.6)

PATH
  remote: .
  specs:
    bmx_cl_ruby (0.1.0)
      awesome_print (~> 1.8)
      graphlient (~> 0.3)
      thor (~> 0.20)

GEM
  remote: https://rubygems.org/
  specs:
    activesupport (5.2.2)
      concurrent-ruby (~> 1.0, >= 1.0.2)
      i18n (>= 0.7, < 2)
      minitest (~> 5.1)
      tzinfo (~> 1.1)
    addressable (2.5.2)
      public_suffix (>= 2.0.2, < 4.0)
    awesome_print (1.8.0)
    concurrent-ruby (1.1.4)
    deep_merge (1.2.1)
    diff-lcs (1.3)
    ethon (0.11.0)
      ffi (>= 1.3.0)
    faraday (0.14.0)
      multipart-post (>= 1.2, < 3)
    faraday_middleware (0.13.0)
      faraday (>= 0.7.4, < 1.0)
    ffi (1.9.18)
    graphlient (0.3.3)
      faraday
      faraday_middleware
      graphql-client
    graphql (1.8.13)
    graphql-client (0.14.0)
      activesupport (>= 3.0, < 6.0)
      graphql (~> 1.6)
    i18n (1.5.3)
      concurrent-ruby (~> 1.0)
    json (2.1.0)
    minitest (5.11.3)
    multipart-post (2.0.0)
    octokit (4.8.0)
      sawyer (~> 0.8.0, >= 0.5.3)
    public_suffix (3.0.2)
    rake (12.3.2)
    rspec (3.8.0)
      rspec-core (~> 3.8.0)
      rspec-expectations (~> 3.8.0)
      rspec-mocks (~> 3.8.0)
    rspec-core (3.8.0)
      rspec-support (~> 3.8.0)
    rspec-expectations (3.8.2)
      diff-lcs (>= 1.2.0, < 2.0)
      rspec-support (~> 3.8.0)
    rspec-mocks (3.8.0)
      diff-lcs (>= 1.2.0, < 2.0)
      rspec-support (~> 3.8.0)
    rspec-support (3.8.0)
    sawyer (0.8.1)
      addressable (>= 2.3.5, < 2.6)
      faraday (~> 0.8, < 1.0)
    thor (0.20.3)
    thread_safe (0.3.6)
    typhoeus (1.3.0)
      ethon (>= 0.9.0)
    tzinfo (1.2.5)
      thread_safe (~> 0.1)

PLATFORMS
  ruby

DEPENDENCIES
  bmx_api_ruby!
  bmx_cl_ruby!
  iora!
  rake (~> 12.3)
  rspec (~> 3.8)

BUNDLED WITH
   1.17.2
